GEM
  remote: https://rubygems.org/
  specs:
    CFPropertyList (2.2.8)
    addressable (2.3.6)
    dotenv (0.11.1)
      dotenv-deployment (~> 0.0.2)
    dotenv-deployment (0.0.2)
    facter (2.2.0)
      CFPropertyList (~> 2.2.6)
    keen (0.8.6)
      addressable (~> 2.3.5)
      multi_json (~> 1.3)
    multi_json (1.10.1)

PLATFORMS
  ruby

DEPENDENCIES
  dotenv
  facter
  keen
